GEM
  remote: https://rubygems.org/
  specs:
    aws-partitions (1.21.0)
    aws-sdk-core (3.5.0)
      aws-partitions (~> 1.0)
      aws-sigv4 (~> 1.0)
      jmespath (~> 1.0)
    aws-sdk-iam (1.2.0)
      aws-sdk-core (~> 3)
      aws-sigv4 (~> 1.0)
    aws-sigv4 (1.0.2)
    jmespath (1.3.1)
    opsgenie-send (0.0.2)

PLATFORMS
  ruby

DEPENDENCIES
  aws-sdk-iam (~> 1)
  opsgenie-send

BUNDLED WITH
   1.15.4
